GIT
  remote: git://github.com/koppen/hassle
  revision: bb49cd8b37f5369d08398897caf1b687eaa80458
  specs:
    hassle (0.0.1)
      haml
      rack

GIT
  remote: git://github.com/openteam/inherited_resources
  revision: ee9dbcc6f4673da11b03733fa50a275003833d10
  specs:
    inherited_resources (1.2.2)
      has_scope (~> 0.5.0)
      responders (~> 0.6.0)

GIT
  remote: git://github.com/tacid/russian
  revision: 544a5e931a9044d941ff6f6746b10722f2fdb326
  specs:
    russian (0.2.8.pre)

GIT
  remote: git://github.com/timriley/princely
  revision: f83a23406f4a5d1ee55eee3d9eca322a77fb041b
  branch: disposition
  specs:
    princely (1.2.6)

GEM
  remote: http://rubygems.org/
  specs:
    aasm (2.2.0)
    abstract (1.0.0)
    actionmailer (3.0.7)
      actionpack (= 3.0.7)
      mail (~> 2.2.15)
    actionpack (3.0.7)
      activemodel (= 3.0.7)
      activesupport (= 3.0.7)
      builder (~> 2.1.2)
      erubis (~> 2.6.6)
      i18n (~> 0.5.0)
      rack (~> 1.2.1)
      rack-mount (~> 0.6.14)
      rack-test (~> 0.5.7)
      tzinfo (~> 0.3.23)
    activemodel (3.0.7)
      activesupport (= 3.0.7)
      builder (~> 2.1.2)
      i18n (~> 0.5.0)
    activerecord (3.0.7)
      activemodel (= 3.0.7)
      activesupport (= 3.0.7)
      arel (~> 2.0.2)
      tzinfo (~> 0.3.23)
    activeresource (3.0.7)
      activemodel (= 3.0.7)
      activesupport (= 3.0.7)
    activesupport (3.0.7)
    arel (2.0.10)
    bcrypt-ruby (2.1.4)
    builder (2.1.2)
    chunky_png (1.2.0)
    compass (0.11.3)
      chunky_png (~> 1.2)
      fssm (>= 0.2.7)
      sass (~> 3.1)
    configatron (2.8.0)
      yamler (>= 0.1.0)
    devise (1.3.4)
      bcrypt-ruby (~> 2.1.2)
      orm_adapter (~> 0.0.3)
      warden (~> 1.0.3)
    diff-lcs (1.1.2)
    dynamic_form (1.1.4)
    erubis (2.6.6)
      abstract (>= 1.0.0)
    escape (0.0.4)
    factory_girl (1.3.3)
    factory_girl_rails (1.0.1)
      factory_girl (~> 1.3)
      railties (>= 3.0.0)
    faker (0.9.5)
      i18n (~> 0.4)
    fancy-buttons (1.1.1)
      compass (>= 0.11)
    formtastic (1.2.4)
      actionpack (>= 2.3.7)
      activesupport (>= 2.3.7)
      i18n (~> 0.4)
    fssm (0.2.7)
    haml (3.1.2)
    has_enum (0.9.2)
      rails (~> 3.0.0)
    has_scope (0.5.0)
    has_searcher (0.0.7.2)
    hirb (0.4.5)
    hoptoad_notifier (2.4.11)
      activesupport
      builder
    i18n (0.5.0)
    itslog (0.3.2)
    jquery-rails (1.0.11)
      railties (~> 3.0)
      thor (~> 0.14)
    mail (2.2.19)
      activesupport (>= 2.3.6)
      i18n (>= 0.4.0)
      mime-types (~> 1.16)
      treetop (~> 1.4.8)
    mime-types (1.16)
    nokogiri (1.4.4)
    orm_adapter (0.0.5)
    pg (0.11.0)
    polyglot (0.3.1)
    pr_geohash (1.0.0)
    protected_parent (0.1.0)
    rack (1.2.3)
    rack-mount (0.6.14)
      rack (>= 1.0.0)
    rack-test (0.5.7)
      rack (>= 1.0)
    rails (3.0.7)
      actionmailer (= 3.0.7)
      actionpack (= 3.0.7)
      activerecord (= 3.0.7)
      activeresource (= 3.0.7)
      activesupport (= 3.0.7)
      bundler (~> 1.0)
      railties (= 3.0.7)
    rails-erd (0.4.5)
      activerecord (~> 3.0)
      activesupport (~> 3.0)
      ruby-graphviz (~> 0.9.18)
    railties (3.0.7)
      actionpack (= 3.0.7)
      activesupport (= 3.0.7)
      rake (>= 0.8.7)
      thor (~> 0.14.4)
    rake (0.8.7)
    render_inheritable (1.0.0)
      rails (~> 3.0)
    responders (0.6.4)
    rsolr (0.12.1)
      builder (>= 2.1.2)
    rspec (2.6.0)
      rspec-core (~> 2.6.0)
      rspec-expectations (~> 2.6.0)
      rspec-mocks (~> 2.6.0)
    rspec-core (2.6.4)
    rspec-expectations (2.6.0)
      diff-lcs (~> 1.1.2)
    rspec-mocks (2.6.0)
    rspec-rails (2.6.1)
      actionpack (~> 3.0)
      activesupport (~> 3.0)
      railties (~> 3.0)
      rspec (~> 2.6.0)
    ruby-graphviz (0.9.21)
    sass (3.1.2)
    show_for (0.2.4)
    simple-navigation (3.3.0)
      activesupport (>= 2.3.2)
    spork (0.8.5)
    sqlite3 (1.3.3)
    sunspot (1.2.1)
      escape (= 0.0.4)
      pr_geohash (~> 1.0)
      rsolr (= 0.12.1)
    sunspot_rails (1.2.1)
      nokogiri
      sunspot (= 1.2.1)
    thor (0.14.6)
    treetop (1.4.9)
      polyglot (>= 0.3.1)
    tzinfo (0.3.28)
    warden (1.0.4)
      rack (>= 1.0)
    will_paginate (3.0.pre2)
    yamler (0.1.0)

PLATFORMS
  ruby

DEPENDENCIES
  aasm
  compass
  configatron
  devise
  dynamic_form
  factory_girl_rails
  faker
  fancy-buttons
  formtastic
  has_enum
  has_searcher
  hassle!
  hirb
  hoptoad_notifier
  inherited_resources!
  itslog
  jquery-rails
  pg
  princely!
  protected_parent
  rails
  rails-erd
  rake
  render_inheritable
  rspec-rails
  russian!
  show_for
  simple-navigation
  spork
  sqlite3
  sunspot_rails
  will_paginate (>= 3.0.pre2)
