GIT
  remote: https://github.com/koppen/hassle
  revision: bb49cd8b37f5369d08398897caf1b687eaa80458
  specs:
    hassle (0.0.1)
      haml
      rack

GIT
  remote: https://github.com/openteam/inherited_resources
  revision: ee9dbcc6f4673da11b03733fa50a275003833d10
  specs:
    inherited_resources (1.2.2)
      has_scope (~> 0.5.0)
      responders (~> 0.6.0)

GIT
  remote: https://github.com/sgruhier/capistrano-db-tasks
  revision: 396cbbfe0aa4bfe48c8edf2718f2af6163af42bf
  ref: 396cbbf
  specs:
    capistrano-db-tasks (0.2)

GIT
  remote: https://github.com/tacid/russian
  revision: 544a5e931a9044d941ff6f6746b10722f2fdb326
  specs:
    russian (0.2.8.pre)

GIT
  remote: https://github.com/timriley/princely
  revision: f83a23406f4a5d1ee55eee3d9eca322a77fb041b
  branch: disposition
  specs:
    princely (1.2.6)

GEM
  remote: http://rubygems.org/
  specs:
    aasm (2.2.0)
    abstract (1.0.0)
    actionmailer (3.0.20)
      actionpack (= 3.0.20)
      mail (~> 2.2.19)
    actionpack (3.0.20)
      activemodel (= 3.0.20)
      activesupport (= 3.0.20)
      builder (~> 2.1.2)
      erubis (~> 2.6.6)
      i18n (~> 0.5.0)
      rack (~> 1.2.5)
      rack-mount (~> 0.6.14)
      rack-test (~> 0.5.7)
      tzinfo (~> 0.3.23)
    activemodel (3.0.20)
      activesupport (= 3.0.20)
      builder (~> 2.1.2)
      i18n (~> 0.5.0)
    activerecord (3.0.20)
      activemodel (= 3.0.20)
      activesupport (= 3.0.20)
      arel (~> 2.0.10)
      tzinfo (~> 0.3.23)
    activeresource (3.0.20)
      activemodel (= 3.0.20)
      activesupport (= 3.0.20)
    activesupport (3.0.20)
    acts_as_list (0.1.3)
    airbrake (3.1.2)
      activesupport
      builder
    annotate (2.5.0)
      rake
    arel (2.0.10)
    bcrypt-ruby (2.1.4)
    brakeman (1.9.2)
      erubis (~> 2.6)
      fastercsv (~> 1.5)
      haml (~> 3.0)
      highline (~> 1.6)
      multi_json (~> 1.2)
      ruby2ruby (~> 2.0)
      ruby_parser (~> 3.1.1)
      sass (~> 3.0)
      terminal-table (~> 1.4)
    builder (2.1.2)
    capistrano (2.15.5)
      highline
      net-scp (>= 1.0.0)
      net-sftp (>= 2.0.0)
      net-ssh (>= 2.0.14)
      net-ssh-gateway (>= 1.1.0)
    capistrano-ext (1.2.1)
      capistrano (>= 1.0.0)
    capistrano-unicorn (0.1.7)
      capistrano
    choice (0.1.7)
    chunky_png (1.2.0)
    compass (0.11.1)
      chunky_png (~> 1.1)
      fssm (>= 0.2.7)
      sass (~> 3.1)
    configatron (2.10.0)
      yamler (>= 0.1.0)
    default_value_for (2.0.1)
    devise (1.3.4)
      bcrypt-ruby (~> 2.1.2)
      orm_adapter (~> 0.0.3)
      warden (~> 1.0.3)
    diff-lcs (1.1.2)
    dynamic_form (1.1.4)
    erubis (2.6.6)
      abstract (>= 1.0.0)
    factory_girl (1.3.3)
    factory_girl_rails (1.0.1)
      factory_girl (~> 1.3)
      railties (>= 3.0.0)
    faker (0.9.5)
      i18n (~> 0.4)
    fancy-buttons (1.1.1)
      compass (>= 0.11)
    fastercsv (1.5.5)
    fattr (2.2.1)
    formtastic (1.2.4)
      actionpack (>= 2.3.7)
      activesupport (>= 2.3.7)
      i18n (~> 0.4)
    fssm (0.2.7)
    haml (3.1.2)
    has_enum (0.9.2)
      rails (~> 3.0.0)
    has_scope (0.5.0)
    has_searcher (0.0.7.2)
    highline (1.6.15)
    hirb (0.4.5)
    hoptoad_notifier (2.4.11)
      activesupport
      builder
    i18n (0.5.4)
    itslog (0.6.1)
    jquery-rails (1.0.11)
      railties (~> 3.0)
      thor (~> 0.14)
    json (1.8.6)
    kgio (2.8.0)
    mail (2.2.20)
      activesupport (>= 2.3.6)
      i18n (>= 0.4.0)
      mime-types (~> 1.16)
      treetop (~> 1.4.8)
    mime-types (1.25.1)
    mini_portile2 (2.1.0)
    multi_json (1.13.1)
    nested_form (0.3.0)
    net-scp (1.1.2)
      net-ssh (>= 2.6.5)
    net-sftp (2.1.2)
      net-ssh (>= 2.6.5)
    net-ssh (2.8.0)
    net-ssh-gateway (1.2.0)
      net-ssh (>= 2.6.5)
    nokogiri (1.6.8.1)
      mini_portile2 (~> 2.1.0)
    openteam-capistrano (0.0.14)
      capistrano-db-tasks
      capistrano-ext
      capistrano-unicorn
      rvm-capistrano
    options (2.3.0)
      fattr
    orm_adapter (0.0.5)
    pg (0.11.0)
    polyglot (0.3.5)
    pr_geohash (1.0.0)
    progress_bar (0.4.0)
      highline (~> 1.6.1)
      options (~> 2.3.0)
    protected_parent (0.1.0)
    rack (1.2.8)
    rack-mount (0.6.14)
      rack (>= 1.0.0)
    rack-test (0.5.7)
      rack (>= 1.0)
    rails (3.0.20)
      actionmailer (= 3.0.20)
      actionpack (= 3.0.20)
      activerecord (= 3.0.20)
      activeresource (= 3.0.20)
      activesupport (= 3.0.20)
      bundler (~> 1.0)
      railties (= 3.0.20)
    rails-erd (1.1.0)
      activerecord (>= 3.0)
      activesupport (>= 3.0)
      choice (~> 0.1.6)
      ruby-graphviz (~> 1.0.4)
    railties (3.0.20)
      actionpack (= 3.0.20)
      activesupport (= 3.0.20)
      rake (>= 0.8.7)
      rdoc (~> 3.4)
      thor (~> 0.14.4)
    raindrops (0.10.0)
    rake (12.2.1)
    rdoc (3.12.2)
      json (~> 1.4)
    render_inheritable (1.0.0)
      rails (~> 3.0)
    responders (0.6.4)
    rsolr (1.0.8)
      builder (>= 2.1.2)
    rspec (2.6.0)
      rspec-core (~> 2.6.0)
      rspec-expectations (~> 2.6.0)
      rspec-mocks (~> 2.6.0)
    rspec-core (2.6.4)
    rspec-expectations (2.6.0)
      diff-lcs (~> 1.1.2)
    rspec-mocks (2.6.0)
    rspec-rails (2.6.1)
      actionpack (~> 3.0)
      activesupport (~> 3.0)
      railties (~> 3.0)
      rspec (~> 2.6.0)
    ruby-graphviz (1.0.9)
    ruby2ruby (2.0.3)
      ruby_parser (~> 3.1)
      sexp_processor (~> 4.0)
    ruby_parser (3.1.1)
      sexp_processor (~> 4.1)
    rvm-capistrano (1.5.1)
      capistrano (~> 2.15.4)
    sass (3.1.2)
    sexp_processor (4.1.5)
    show_for (0.2.4)
    simple-navigation (3.3.0)
      activesupport (>= 2.3.2)
    spork (0.8.5)
    sqlite3 (1.3.3)
    sunspot (1.3.3)
      pr_geohash (~> 1.0)
      rsolr (~> 1.0.7)
    sunspot_matchers (1.3.0.1)
    sunspot_rails (1.3.3)
      nokogiri
      sunspot (= 1.3.3)
    sunspot_solr (1.3.3)
    terminal-table (1.4.5)
    thor (0.14.6)
    treetop (1.4.15)
      polyglot
      polyglot (>= 0.3.1)
    tzinfo (0.3.55)
    unicorn (4.6.2)
      kgio (~> 2.6)
      rack
      raindrops (~> 0.7)
    warden (1.0.4)
      rack (>= 1.0)
    will_paginate (3.0.pre2)
    yamler (0.1.0)

PLATFORMS
  ruby

DEPENDENCIES
  aasm
  acts_as_list
  airbrake (= 3.1.2)
  annotate
  brakeman
  capistrano-db-tasks!
  capistrano-unicorn (= 0.1.7)
  compass (= 0.11.1)
  configatron
  default_value_for
  devise
  dynamic_form
  factory_girl_rails
  faker
  fancy-buttons
  formtastic
  has_enum
  has_searcher
  hassle!
  hirb
  hoptoad_notifier
  inherited_resources!
  itslog
  jquery-rails
  nested_form
  nokogiri (~> 1.6.0)
  openteam-capistrano
  pg
  princely!
  progress_bar
  protected_parent
  rails (~> 3.0.20)
  rails-erd
  rake
  render_inheritable
  rspec-rails
  russian!
  show_for
  simple-navigation
  spork
  sqlite3
  sunspot_matchers
  sunspot_rails (~> 1.3.3)
  sunspot_solr (~> 1.3.3)
  unicorn
  will_paginate (>= 3.0.pre2)

BUNDLED WITH
   1.16.6
